PATH
  remote: .
  specs:
    license_plate (1.0.0)

GEM
  remote: https://rubygems.org/
  specs:

PLATFORMS
  ruby

DEPENDENCIES
  license_plate!
